PATH
  remote: .
  specs:
    paypal-client (0.1.0)

GEM
  remote: https://rubygems.org/
  specs:
    rake (12.3.3)

PLATFORMS
  ruby

DEPENDENCIES
  paypal-client!
  rake (~> 12.0)

BUNDLED WITH
   1.17.3
